GEM
  remote: https://rubygems.org/
  specs:
    erubis (2.7.0)
    nio4r (2.5.8)
    puma (5.6.4)
      nio4r (~> 2.0)
    rack (1.6.13)
    rack-protection (1.5.5)
      rack
    sinatra (1.4.8)
      rack (~> 1.5)
      rack-protection (~> 1.4)
      tilt (>= 1.3, < 3)
    tilt (2.0.10)

PLATFORMS
  x86_64-darwin-20
  x86_64-linux

DEPENDENCIES
  erubis
  puma
  sinatra (~> 1.4.7)

RUBY VERSION
   ruby 3.0.3p157

BUNDLED WITH
   2.3.0
